GEM
  remote: http://rubygems.org/
  specs:
    async-rack (0.5.1)
      rack (~> 1.1)
    daemons (1.1.9)
    diff-lcs (1.1.3)
    eventmachine (1.0.2-x86-mingw32)
    extlib (0.9.16)
    ffi (1.9.3-x86-mingw32)
    highline (1.6.20)
    json (1.6.8)
    mime-types (2.1)
    multi_json (1.8.4)
    rack (1.5.2)
    rack-fiber_pool (0.9.3)
    rack-protection (1.5.2)
      rack
    rack-test (0.6.2)
      rack (>= 1.0)
    rake (0.9.6)
    redis (2.2.2)
    redis-namespace (1.0.4)
      redis (< 3.0.0)
    resque (1.20.0)
      multi_json (~> 1.0)
      redis-namespace (~> 1.0.2)
      sinatra (>= 0.9.2)
      vegas (~> 0.1.2)
    rest-client (1.6.7)
      mime-types (>= 1.16)
    rhoconnect (3.2.0)
      bundler (~> 1.0)
      json (~> 1.6.0)
      rake (~> 0.9.2)
      redis (>= 2.2.0)
      resque (~> 1.20.0)
      rest-client (~> 1.6.1)
      rubyzip (~> 0.9.4)
      sinatra (~> 1.3)
      templater (~> 1.0.0)
      thor (~> 0.14.6)
      uuidtools (>= 2.1.1)
    rhomobile-debug (1.0.7)
    rspec (2.6.0)
      rspec-core (~> 2.6.0)
      rspec-expectations (~> 2.6.0)
      rspec-mocks (~> 2.6.0)
    rspec-core (2.6.4)
    rspec-expectations (2.6.0)
      diff-lcs (~> 1.1.2)
    rspec-mocks (2.6.0)
    rubyzip (0.9.9)
    sinatra (1.4.4)
      rack (~> 1.4)
      rack-protection (~> 1.4)
      tilt (~> 1.3, >= 1.3.4)
    sqlite3 (1.3.8-x86-mingw32)
    templater (1.0.0)
      diff-lcs (>= 1.1.2)
      extlib (>= 0.9.5)
      highline (>= 1.4.0)
    thin (1.6.1)
      daemons (>= 1.0.9)
      eventmachine (>= 1.0.0)
      rack (>= 1.0.0)
    thor (0.14.6)
    tilt (1.4.1)
    uuidtools (2.1.4)
    vegas (0.1.11)
      rack (>= 1.0.0)
    win32-process (0.7.4)
      ffi (>= 1.0.0)
    xml-simple (1.1.1)

PLATFORMS
  x86-mingw32

DEPENDENCIES
  SystemTimer (~> 1.2.3)
  async-rack
  dbd-jdbc (>= 0.1.4)
  dbi (>= 0.4.5)
  eventmachine (~> 1.0.2)
  jdbc-sqlite3 (>= 3.7.2)
  jruby-openssl (>= 0.7.4)
  rack-fiber_pool
  rack-test (>= 0.5.3)
  rhoconnect (= 3.2.0)
  rhomobile-debug (>= 1.0.2)
  rspec (~> 2.6.0)
  sqlite3 (>= 1.3.3)
  thin
  trinidad
  warbler
  win32-process
  xml-simple (= 1.1.1)
